GEM
  remote: https://rubygems.org/
  specs:
    activesupport (3.2.21)
      i18n (~> 0.6, >= 0.6.4)
      multi_json (~> 1.0)
    addressable (2.3.8)
    akami (1.3.0)
      gyoku (>= 0.4.0)
      nokogiri
    ast (2.0.0)
    astrolabe (1.3.0)
      parser (>= 2.2.0.pre.3, < 3.0)
    berkshelf (2.0.18)
      activesupport (~> 3.2.0)
      addressable (~> 2.3.4)
      buff-shell_out (~> 0.1)
      chozo (>= 0.6.1)
      faraday (~> 0.8.5)
      hashie (~> 2.0)
      minitar (~> 0.5.4)
      rbzip2 (~> 0.2.0)
      retryable (~> 1.3.3)
      ridley (~> 1.7.0)
      solve (~> 0.8.2)
      thor (~> 0.18.0)
    buff-config (0.4.0)
      buff-extensions (~> 0.3)
      varia_model (~> 0.1)
    buff-extensions (0.5.0)
    buff-ignore (1.1.1)
    buff-ruby_engine (0.1.0)
    buff-shell_out (0.2.0)
      buff-ruby_engine (~> 0.1.0)
    bugsnag (2.8.6)
      multi_json (~> 1.0)
    builder (3.2.2)
    celluloid (0.15.2)
      timers (~> 1.1.0)
    celluloid-io (0.15.0)
      celluloid (>= 0.15.0)
      nio4r (>= 0.5.0)
    chef (12.2.1)
      chef-zero (~> 4.0)
      diff-lcs (~> 1.2, >= 1.2.4)
      erubis (~> 2.7)
      ffi-yajl (>= 1.2, < 3.0)
      highline (~> 1.6, >= 1.6.9)
      mixlib-authentication (~> 1.3)
      mixlib-cli (~> 1.4)
      mixlib-config (~> 2.0)
      mixlib-log (~> 1.3)
      mixlib-shellout (>= 2.0.0.rc.0, < 3.0)
      net-ssh (~> 2.6)
      net-ssh-multi (~> 1.1)
      ohai (~> 8.0)
      plist (~> 3.1.0)
      pry (~> 0.9)
      rspec-core (~> 3.2)
      rspec-expectations (~> 3.2)
      rspec-mocks (~> 3.2)
      rspec_junit_formatter (~> 0.2.0)
      serverspec (~> 2.7)
      specinfra (~> 2.10)
    chef-api (0.5.0)
      logify (~> 0.1)
      mime-types
    chef-zero (4.2.1)
      ffi-yajl (>= 1.1, < 3.0)
      hashie (~> 2.0)
      mixlib-log (~> 1.3)
      rack
      uuidtools (~> 2.1)
    chefspec (4.2.0)
      chef (>= 11.14)
      fauxhai (~> 2.0)
      rspec (~> 3.0)
    chozo (0.6.1)
      activesupport (>= 3.2.0)
      hashie (>= 2.0.2)
      multi_json (>= 1.3.0)
    coderay (1.1.0)
    cuba (3.4.0)
      rack
    diff-lcs (1.2.5)
    domain_name (0.5.24)
      unf (>= 0.0.5, < 1.0.0)
    erubis (2.7.0)
    eye (0.6.4)
      celluloid (~> 0.15.0)
      celluloid-io (~> 0.15.0)
      sigar (~> 0.7.2)
      state_machine
      thor
    eye-bugsnag (0.0.1)
      bugsnag (>= 1.2.10)
      eye (~> 0.5)
    eye-hipchat (0.0.4)
      eye (~> 0.5)
      hipchat (~> 1.2)
    eye-http (0.6.3)
      cuba
      eye (~> 0.6.2)
      reel (~> 0.5.0)
      reel-rack
    faraday (0.8.9)
      multipart-post (~> 1.2.0)
    fauxhai (2.3.0)
      net-ssh
      ohai
    ffi (1.9.8)
    ffi-yajl (2.1.0)
      libyajl2 (~> 1.2)
    foodcritic (4.0.0)
      erubis
      gherkin (~> 2.11)
      nokogiri (~> 1.5)
      rake
      rufus-lru (~> 1.0)
      treetop (~> 1.4)
      yajl-ruby (~> 1.1)
    gherkin (2.12.2)
      multi_json (~> 1.3)
    gssapi (1.0.3)
      ffi (>= 1.0.1)
    gyoku (1.3.1)
      builder (>= 2.1.2)
    hashie (2.1.2)
    highline (1.7.2)
    hipchat (1.5.1)
      httparty
      mimemagic
    http (0.8.9)
      addressable (~> 2.3)
      http-cookie (~> 1.0)
      http-form_data (~> 1.0.1)
      http_parser.rb (~> 0.6.0)
    http-cookie (1.0.2)
      domain_name (~> 0.5)
    http-form_data (1.0.1)
    http_parser.rb (0.6.0)
    httparty (0.13.5)
      json (~> 1.8)
      multi_xml (>= 0.5.2)
    httpclient (2.6.0.1)
    httpi (0.9.7)
      rack
    i18n (0.7.0)
    ipaddress (0.8.0)
    json (1.8.2)
    libyajl2 (1.2.0)
    little-plugger (1.1.3)
    logging (1.8.2)
      little-plugger (>= 1.1.3)
      multi_json (>= 1.8.4)
    logify (0.2.0)
    method_source (0.8.2)
    mime-types (2.4.3)
    mimemagic (0.3.0)
    mini_portile (0.6.2)
    minitar (0.5.4)
    mixlib-authentication (1.3.0)
      mixlib-log
    mixlib-cli (1.5.0)
    mixlib-config (2.1.0)
    mixlib-log (1.6.0)
    mixlib-shellout (2.0.1)
    multi_json (1.11.0)
    multi_xml (0.5.5)
    multipart-post (1.2.0)
    net-http-persistent (2.9.4)
    net-scp (1.2.1)
      net-ssh (>= 2.6.5)
    net-ssh (2.9.2)
    net-ssh-gateway (1.2.0)
      net-ssh (>= 2.6.5)
    net-ssh-multi (1.2.1)
      net-ssh (>= 2.6.5)
      net-ssh-gateway (>= 1.2.0)
    nio4r (1.1.0)
    nokogiri (1.6.6.2)
      mini_portile (~> 0.6.0)
    nori (1.1.5)
    ohai (8.2.0)
      ffi (~> 1.9)
      ffi-yajl (>= 1.1, < 3.0)
      ipaddress
      mime-types (~> 2.0)
      mixlib-cli
      mixlib-config (~> 2.0)
      mixlib-log
      mixlib-shellout (~> 2.0)
      rake (~> 10.1)
      systemu (~> 2.6.4)
      wmi-lite (~> 1.0)
    parser (2.2.2.1)
      ast (>= 1.1, < 3.0)
    plist (3.1.0)
    polyglot (0.3.5)
    powerpack (0.1.0)
    pry (0.10.1)
      coderay (~> 1.1.0)
      method_source (~> 0.8.1)
      slop (~> 3.4)
    rack (1.6.0)
    rainbow (2.0.0)
    rake (10.4.2)
    rbzip2 (0.2.0)
    reel (0.5.0)
      celluloid (>= 0.15.1)
      celluloid-io (>= 0.15.0)
      http (>= 0.6.0.pre)
      http_parser.rb (>= 0.6.0)
      websocket_parser (>= 0.1.6)
    reel-rack (0.2.2)
      rack (>= 1.4.0)
      reel (>= 0.5.0)
    retryable (1.3.6)
    ridley (1.7.1)
      addressable
      buff-config (~> 0.2)
      buff-extensions (~> 0.3)
      buff-ignore (~> 1.1)
      buff-shell_out (~> 0.1)
      celluloid (~> 0.15)
      celluloid-io (~> 0.15)
      erubis
      faraday (>= 0.8.4)
      hashie (>= 2.0.2)
      json (>= 1.7.7)
      mixlib-authentication (>= 1.3.0)
      net-http-persistent (>= 2.8)
      net-ssh
      retryable
      solve (>= 0.4.4)
      varia_model (~> 0.1)
      winrm (~> 1.1.0)
    rspec (3.2.0)
      rspec-core (~> 3.2.0)
      rspec-expectations (~> 3.2.0)
      rspec-mocks (~> 3.2.0)
    rspec-core (3.2.3)
      rspec-support (~> 3.2.0)
    rspec-expectations (3.2.1)
      diff-lcs (>= 1.2.0, < 2.0)
      rspec-support (~> 3.2.0)
    rspec-its (1.2.0)
      rspec-core (>= 3.0.0)
      rspec-expectations (>= 3.0.0)
    rspec-mocks (3.2.1)
      diff-lcs (>= 1.2.0, < 2.0)
      rspec-support (~> 3.2.0)
    rspec-support (3.2.2)
    rspec_junit_formatter (0.2.0)
      builder (< 4)
      rspec (>= 2, < 4)
      rspec-core (!= 2.12.0)
    rubocop (0.30.1)
      astrolabe (~> 1.3)
      parser (>= 2.2.2.1, < 3.0)
      powerpack (~> 0.1)
      rainbow (>= 1.99.1, < 3.0)
      ruby-progressbar (~> 1.4)
    ruby-progressbar (1.7.5)
    rubyntlm (0.1.1)
    rufus-lru (1.0.5)
    safe_yaml (1.0.4)
    savon (0.9.5)
      akami (~> 1.0)
      builder (>= 2.1.2)
      gyoku (>= 0.4.0)
      httpi (~> 0.9)
      nokogiri (>= 1.4.0)
      nori (~> 1.0)
      wasabi (~> 1.0)
    serverspec (2.14.1)
      multi_json
      rspec (~> 3.0)
      rspec-its
      specinfra (~> 2.25)
    sigar (0.7.3)
    slop (3.6.0)
    solve (0.8.2)
    specinfra (2.30.0)
      net-scp
      net-ssh
    state_machine (1.2.0)
    stove (3.2.7)
      chef-api (~> 0.5)
      logify (~> 0.2)
    systemu (2.6.5)
    test-kitchen (1.3.1)
      mixlib-shellout (>= 1.2, < 3.0)
      net-scp (~> 1.1)
      net-ssh (~> 2.7)
      safe_yaml (~> 1.0)
      thor (~> 0.18)
    thor (0.18.1)
    timers (1.1.0)
    treetop (1.6.2)
      polyglot (~> 0.3)
    unf (0.1.4)
      unf_ext
    unf_ext (0.0.7.1)
    uuidtools (2.1.5)
    vagrant (1.5.0)
    varia_model (0.3.2)
      buff-extensions (~> 0.2)
      hashie (>= 2.0.2)
    wasabi (1.0.0)
      nokogiri (>= 1.4.0)
    websocket_parser (1.0.0)
    winrm (1.1.3)
      gssapi (~> 1.0.0)
      httpclient (~> 2.2, >= 2.2.0.2)
      logging (~> 1.6, >= 1.6.1)
      nokogiri (~> 1.5)
      rubyntlm (~> 0.1.1)
      savon (= 0.9.5)
      uuidtools (~> 2.1.2)
    wmi-lite (1.0.0)
    yajl-ruby (1.2.1)

PLATFORMS
  ruby

DEPENDENCIES
  berkshelf
  chefspec (~> 4.2.0)
  eye
  eye-bugsnag
  eye-hipchat
  eye-http
  foodcritic (~> 4.0)
  rubocop (~> 0.0)
  stove
  test-kitchen (~> 1.3.0)
  vagrant
